GEM
  remote: https://rubygems.org/
  specs:
    addressable (2.3.4)
    ansi (1.4.3)
    capybara (2.1.0)
      mime-types (>= 1.16)
      nokogiri (>= 1.3.3)
      rack (>= 1.0.0)
      rack-test (>= 0.5.4)
      xpath (~> 2.0)
    capybara_minitest_spec (1.0.0)
      capybara (>= 2)
      minitest (>= 2)
    eventmachine (1.0.3)
    faye-websocket (0.4.7)
      eventmachine (>= 0.12.0)
    http_parser.rb (0.5.3)
    launchy (2.3.0)
      addressable (~> 2.3)
    mime-types (1.23)
    minitest (4.7.4)
    nokogiri (1.5.9)
    poltergeist (1.3.0)
      capybara (~> 2.1.0)
      faye-websocket (>= 0.4.4, < 0.5.0)
      http_parser.rb (~> 0.5.3)
    rack (1.5.2)
    rack-test (0.6.2)
      rack (>= 1.0)
    turn (0.9.6)
      ansi
    xpath (2.0.0)
      nokogiri (~> 1.3)

PLATFORMS
  ruby

DEPENDENCIES
  capybara
  capybara_minitest_spec
  launchy
  minitest
  poltergeist
  turn
